GEM
  remote: https://rubygems.org/
  specs:
    coderay (1.1.3)
    method_source (1.0.0)
    profile (0.4.0)
    pry (0.14.1)
      coderay (~> 1.1)
      method_source (~> 1.0)
    re2 (1.4.0)

PLATFORMS
  arm64-darwin-21

DEPENDENCIES
  profile
  pry
  re2

BUNDLED WITH
   2.3.16
